GEM
  remote: https://rubygems.org/
  specs:
    docker-api (2.2.0)
      excon (>= 0.47.0)
      multi_json
    excon (0.110.0)
    multi_json (1.15.0)
    testcontainers (0.2.0)
      testcontainers-core (= 0.2.0)
    testcontainers-core (0.2.0)
      docker-api (~> 2.2)

PLATFORMS
  arm64-darwin-21

DEPENDENCIES
  testcontainers (~> 0.2.0)

BUNDLED WITH
   2.2.3
